GEM
  remote: https://rubygems.org/
  specs:
    korean-string (0.1.0)

PLATFORMS
  arm64-darwin-21

DEPENDENCIES
  korean-string (~> 0.1.0)

BUNDLED WITH
   2.3.23
